GEM
  remote: https://rubygems.org/
  specs:
    parallel (1.6.1)

PLATFORMS
  ruby

DEPENDENCIES
  parallel
